PATH
  remote: .
  specs:
    mather-rb (0.0.2)
      commander (~> 4.4)
      grpc (~> 1.25)

GEM
  remote: https://rubygems.org/
  specs:
    commander (4.4.7)
      highline (~> 2.0.0)
    google-protobuf (3.10.1)
    googleapis-common-protos-types (1.0.4)
      google-protobuf (~> 3.0)
    grpc (1.25.0)
      google-protobuf (~> 3.8)
      googleapis-common-protos-types (~> 1.0)
    grpc-tools (1.25.0)
    highline (2.0.3)
    os (1.0.1)
    ptools (1.3.5)
    rake (10.5.0)

PLATFORMS
  ruby

DEPENDENCIES
  bundler (~> 2.0)
  grpc-tools (~> 1.25)
  mather-rb!
  os (~> 1.0)
  ptools (~> 1.3)
  rake (~> 10.0)

BUNDLED WITH
   2.0.2
