PATH
  remote: .
  specs:
    mather-rb (1.0.0)
      grpc

GEM
  remote: https://rubygems.org/
  specs:
    google-protobuf (3.10.1)
    googleapis-common-protos-types (1.0.4)
      google-protobuf (~> 3.0)
    grpc (1.25.0)
      google-protobuf (~> 3.8)
      googleapis-common-protos-types (~> 1.0)
    grpc-tools (1.25.0)
    rake (10.5.0)

PLATFORMS
  ruby

DEPENDENCIES
  bundler (~> 2.0)
  grpc-tools
  mather-rb!
  rake (~> 10.0)

BUNDLED WITH
   2.0.2
