PATH
  remote: .
  specs:
    mather-rb (0.0.6)
      bundler (~> 2.0)
      commander (~> 4.4)
      grpc (~> 1.25)
      logging (~> 2.2)

GEM
  remote: https://rubygems.org/
  specs:
    commander (4.4.7)
      highline (~> 2.0.0)
    ffi (1.11.1)
    google-protobuf (3.10.1)
    googleapis-common-protos-types (1.0.4)
      google-protobuf (~> 3.0)
    grpc (1.25.0)
      google-protobuf (~> 3.8)
      googleapis-common-protos-types (~> 1.0)
    grpc-tools (1.25.0)
    highline (2.0.3)
    listen (3.2.0)
      rb-fsevent (~> 0.10, >= 0.10.3)
      rb-inotify (~> 0.9, >= 0.9.10)
    little-plugger (1.1.4)
    logging (2.2.2)
      little-plugger (~> 1.1)
      multi_json (~> 1.10)
    multi_json (1.14.1)
    os (1.0.1)
    ptools (1.3.5)
    rake (10.5.0)
    rb-fsevent (0.10.3)
    rb-inotify (0.10.0)
      ffi (~> 1.0)
    rerun (0.13.0)
      listen (~> 3.0)

PLATFORMS
  ruby

DEPENDENCIES
  grpc-tools (~> 1.25)
  mather-rb!
  os (~> 1.0)
  ptools (~> 1.3)
  rake (~> 10.0)
  rerun (~> 0.13.0)

BUNDLED WITH
   2.0.2
